GIT
  remote: git://github.com/alindeman/kitabu.git
  revision: 19df52a0e1e0fd2e8e440e817c6738bfd793033f
  specs:
    kitabu (1.0.0)
      RedCloth
      activesupport
      coderay
      eeepub-with-cover-support
      i18n
      listen
      nokogiri
      notifier
      rdiscount
      thor

GEM
  remote: http://rubygems.org/
  specs:
    RedCloth (4.2.9)
    activesupport (3.2.8)
      i18n (~> 0.6)
      multi_json (~> 1.0)
    builder (3.1.4)
    coderay (1.0.8)
    eeepub-with-cover-support (0.8.7)
      builder
      rubyzip
    i18n (0.6.1)
    listen (0.5.3)
    multi_json (1.3.6)
    nokogiri (1.5.5)
    notifier (0.4.1)
    rdiscount (1.6.8)
    rubyzip (0.9.9)
    thor (0.16.0)

PLATFORMS
  ruby

DEPENDENCIES
  kitabu!
