GIT
  remote: https://github.com/alindeman/kitabu.git
  revision: f500a076602fc05233d65132fa2869d1b54f1437
  specs:
    kitabu (1.0.0)
      RedCloth
      activesupport
      coderay
      eeepub-with-cover-support
      i18n
      listen
      nokogiri
      notifier
      rdiscount
      thor

GEM
  remote: https://rubygems.org/
  specs:
    RedCloth (4.2.9)
    activesupport (4.0.0)
      i18n (~> 0.6, >= 0.6.4)
      minitest (~> 4.2)
      multi_json (~> 1.3)
      thread_safe (~> 0.1)
      tzinfo (~> 0.3.37)
    atomic (1.1.14)
    builder (3.2.2)
    coderay (1.0.8)
    doc_raptor (0.3.2)
      httparty (>= 0.7.0)
    eeepub-with-cover-support (0.8.8)
      builder
      rubyzip
    ffi (1.1.5)
    guard (1.5.2)
      listen (>= 0.4.2)
      lumberjack (>= 1.0.2)
      pry (>= 0.9.10)
      thor (>= 0.14.6)
    guard-shell (0.5.1)
      guard (>= 1.1.0)
    httparty (0.9.0)
      multi_json (~> 1.0)
      multi_xml
    i18n (0.6.5)
    listen (0.5.3)
    lumberjack (1.0.2)
    method_source (0.8.1)
    mini_portile (0.5.1)
    minitest (4.7.5)
    multi_json (1.3.7)
    multi_xml (0.5.1)
    nokogiri (1.6.0)
      mini_portile (~> 0.5.0)
    notifier (0.4.1)
    posix-spawn (0.3.6)
    pry (0.9.10)
      coderay (~> 1.0.5)
      method_source (~> 0.8)
      slop (~> 3.3.1)
    pygments.rb (0.3.2)
      posix-spawn (~> 0.3.6)
      yajl-ruby (~> 1.1.0)
    rb-fsevent (0.9.2)
    rb-inotify (0.8.8)
      ffi (>= 0.5.0)
    rdiscount (2.1.7)
    redcarpet (2.1.1)
    rubyzip (1.0.0)
    slop (3.3.3)
    thor (0.16.0)
    thread_safe (0.1.3)
      atomic
    tzinfo (0.3.38)
    yajl-ruby (1.1.0)

PLATFORMS
  ruby

DEPENDENCIES
  doc_raptor
  guard
  guard-shell
  kitabu!
  pygments.rb
  rb-fsevent
  rb-inotify
  redcarpet
